GEM
  remote: http://rubygems.org/
  specs:
    hashr (0.0.21)
    travis-lint (1.4.0)
      hashr (>= 0.0.19)

PLATFORMS
  ruby

DEPENDENCIES
  travis-lint
