GEM
  remote: http://rubygems.org/
  specs:
    json (2.1.0)
    travis-lint (2.0.0)
      json

PLATFORMS
  ruby

DEPENDENCIES
  travis-lint

BUNDLED WITH
   1.16.1
